GEM
  remote: http://rubygems.org/
  specs:
    activemodel (3.2.5)
      activesupport (= 3.2.5)
      builder (~> 3.0.0)
    activesupport (3.2.5)
      i18n (~> 0.6)
      multi_json (~> 1.0)
    bson (1.6.4)
    builder (3.0.0)
    faraday (0.8.1)
      multipart-post (~> 1.1)
    httpauth (0.1)
    i18n (0.6.0)
    json (1.7.3)
    libv8 (3.3.10.4)
    mochiscript (0.5.6)
      json
      therubyracer
    mongo (1.6.2)
      bson (~> 1.6.2)
    mongoid (2.4.11)
      activemodel (~> 3.1)
      mongo (<= 1.6.2)
      tzinfo (~> 0.3.22)
    multi_json (1.3.6)
    multipart-post (1.1.5)
    oauth2 (0.7.1)
      faraday (~> 0.8)
      httpauth (~> 0.1)
      multi_json (~> 1.0)
      rack (~> 1.4)
    rack (1.4.1)
    rack-protection (1.2.0)
      rack
    sass (3.1.19)
    sinatra (1.3.2)
      rack (~> 1.3, >= 1.3.6)
      rack-protection (~> 1.2)
      tilt (~> 1.3, >= 1.3.3)
    therubyracer (0.10.1)
      libv8 (~> 3.3.10)
    tilt (1.3.3)
    tzinfo (0.3.33)

PLATFORMS
  ruby

DEPENDENCIES
  bson
  json
  mochiscript
  mongoid
  oauth2
  sass
  sinatra
  tilt
